GEM
  remote: https://rubygems.org/
  specs:
    double-bag-ftps (0.1.2)
    net-ftp-list (3.2.9)

PLATFORMS
  ruby

DEPENDENCIES
  double-bag-ftps
  net-ftp-list
